GIT
  remote: https://github.com/solnic/virtus.git
  revision: 97a161f19d20a961094112464075c284d68d35e4
  specs:
    virtus (1.0.0.beta1)
      abstract_type (~> 0.0.5)
      adamantium (~> 0.0.7)
      backports (~> 3.0, >= 3.1.0)
      coercible (~> 0.2)
      descendants_tracker (~> 0.0.1)

PATH
  remote: .
  specs:
    use_case (0.13.0)

GEM
  remote: http://rubygems.org/
  specs:
    abstract_type (0.0.5)
      backports (~> 3.0, >= 3.0.3)
    activemodel (3.2.12)
      activesupport (= 3.2.12)
      builder (~> 3.0.0)
    activesupport (3.2.12)
      i18n (~> 0.6)
      multi_json (~> 1.0)
    adamantium (0.0.7)
      backports (~> 3.0, >= 3.0.3)
      ice_nine (~> 0.7.0)
    backports (3.1.1)
    builder (3.0.4)
    ci_reporter (1.9.0)
      builder (>= 2.1.2)
    coercible (0.2.0)
      backports (~> 3.0, >= 3.1.0)
      descendants_tracker (~> 0.0.1)
    descendants_tracker (0.0.1)
    i18n (0.6.4)
    ice_nine (0.7.0)
    minitest (4.7.0)
    multi_json (1.6.1)
    rake (10.0.3)
    rcov (1.0.0)
    simplecov (0.7.1)
      multi_json (~> 1.0)
      simplecov-html (~> 0.7.1)
    simplecov-html (0.7.1)

PLATFORMS
  ruby

DEPENDENCIES
  activemodel
  ci_reporter
  minitest (~> 4)
  rake
  rcov
  simplecov
  use_case!
  virtus!
